{
    "EchoTime1": 0.01, 
    "InPlanePhaseEncodingDirectionDICOM": "COL", 
    "EchoTime2": 0.01246, 
    "ConsistencyInfo": "N4_VE11C_LATEST_20160120", 
    "ProcedureStepDescription": "Horikawa^vision", 
    "DeviceSerialNumber": "166112", 
    "AcquisitionMatrixPE": 96, 
    "ImageOrientationPatientDICOM": [
        0.998723, 
        0.0478671, 
        -0.0161444, 
        -0.0453517, 
        0.990367, 
        0.130829
    ], 
    "ManufacturersModelName": "Prisma", 
    "ProtocolName": "gre_field_mapping_2mm_72slices", 
    "PhaseEncodingDirection": "j-", 
    "RepetitionTime": 1.2, 
    "MagneticFieldStrength": 3, 
    "PhaseEncodingSteps": 72, 
    "B0FieldIdentifier": "gre_field_mapping_2mm_72slices_13", 
    "MRAcquisitionType": "2D", 
    "SliceThickness": 2, 
    "AcquisitionNumber": 1, 
    "InstitutionName": "Tokyo University IRCN", 
    "DwellTime": 1.79e-05, 
    "TxRefAmp": 229.529, 
    "BodyPartExamined": "BRAIN", 
    "IntendedFor": [
        "ses-testImagery01/func/sub-02_ses-testImagery01_task-testImagery_run-01_bold.nii.gz", 
        "ses-testImagery01/func/sub-02_ses-testImagery01_task-testImagery_run-02_bold.nii.gz", 
        "ses-testImagery01/func/sub-02_ses-testImagery01_task-testImagery_run-03_bold.nii.gz", 
        "ses-testImagery01/func/sub-02_ses-testImagery01_task-testImagery_run-04_bold.nii.gz", 
        "ses-testImagery01/func/sub-02_ses-testImagery01_task-testImagery_run-05_bold.nii.gz", 
        "ses-testImagery01/func/sub-02_ses-testImagery01_task-testImagery_run-06_bold.nii.gz"
    ], 
    "ReceiveCoilActiveElements": "HEA;HEP", 
    "SAR": 0.199196, 
    "PulseSequenceDetails": "%SiemensSeq%\\gre_field_mapping", 
    "ScanningSequence": "GR", 
    "Manufacturer": "Siemens", 
    "ConversionSoftware": "dcm2niix", 
    "PercentPhaseFOV": 100, 
    "ReconMatrixPE": 96, 
    "FlipAngle": 90, 
    "ConversionSoftwareVersion": "v1.0.20201102", 
    "SeriesDescription": "gre_field_mapping_2mm_72slices", 
    "PartialFourier": 0.75, 
    "InstitutionAddress": "Hongo 7-3-1,Bunkyo-ku,Tokyo,JP,113-0033", 
    "AcquisitionTime": "18:01:46.427500", 
    "ShimSetting": [
        6484, 
        -2373, 
        1628, 
        393, 
        -25, 
        53, 
        46, 
        41
    ], 
    "PatientPosition": "HFS", 
    "SequenceName": "*fm2d2r", 
    "SeriesNumber": 8, 
    "PercentSampling": 100, 
    "SpacingBetweenSlices": 2, 
    "ImageType": [
        "ORIGINAL", 
        "PRIMARY", 
        "P", 
        "ND", 
        "PHASE"
    ], 
    "ReceiveCoilName": "Head_32", 
    "EchoTime": 0.01246, 
    "SequenceVariant": "SP", 
    "SliceTiming": [
        0.59375, 
        0, 
        0.60938, 
        0.01562, 
        0.625, 
        0.03125, 
        0.64062, 
        0.04688, 
        0.67188, 
        0.0625, 
        0.6875, 
        0.07812, 
        0.70312, 
        0.09375, 
        0.71875, 
        0.10938, 
        0.73438, 
        0.125, 
        0.75, 
        0.15625, 
        0.76562, 
        0.17188, 
        0.78125, 
        0.1875, 
        0.79688, 
        0.20312, 
        0.8125, 
        0.21875, 
        0.82812, 
        0.23438, 
        0.84375, 
        0.25, 
        0.85938, 
        0.26562, 
        0.875, 
        0.28125, 
        0.89062, 
        0.29688, 
        0.92188, 
        0.3125, 
        0.9375, 
        0.32812, 
        0.95312, 
        0.34375, 
        0.96875, 
        0.35938, 
        0.98438, 
        0.375, 
        1, 
        0.40625, 
        1.01562, 
        0.42188, 
        1.03125, 
        0.4375, 
        1.04688, 
        0.45312, 
        1.0625, 
        0.46875, 
        1.07812, 
        0.48438, 
        1.09375, 
        0.5, 
        1.10938, 
        0.51562, 
        1.125, 
        0.53125, 
        1.14062, 
        0.54688, 
        1.17188, 
        0.5625, 
        1.1875, 
        0.57812
    ], 
    "ImagingFrequency": 123.242, 
    "BaseResolution": 96, 
    "PixelBandwidth": 290, 
    "ScanOptions": "PFP", 
    "PhaseResolution": 1, 
    "SoftwareVersions": "syngo MR E11", 
    "StationName": "AWP166112", 
    "Modality": "MR", 
    "EchoNumber": 2, 
    "InstitutionalDepartmentName": "Reserch center"
}