{
    "InPlanePhaseEncodingDirectionDICOM": "COL", 
    "B0FieldSource": "gre_field_mapping_2mm_72slices_9", 
    "ConsistencyInfo": "N4_VE11C_LATEST_20160120", 
    "ImageComments": "Unaliased MB6/PE3", 
    "ProcedureStepDescription": "Horikawa^vision", 
    "DeviceSerialNumber": "166112", 
    "AcquisitionMatrixPE": 96, 
    "ImageOrientationPatientDICOM": [
        0.999682, 
        0.0251617, 
        0.00172605, 
        -0.0249554, 
        0.996745, 
        -0.0766564
    ], 
    "EffectiveEchoSpacing": 0.000679983, 
    "WipMemBlock": "73f5c583-661f-4c40-9f00-9af7a6578e06||Sequence: R016 ve11c/master r/e634e98; Dec 19 2017 11:00:25 by eja", 
    "ManufacturersModelName": "Prisma", 
    "ProtocolName": "BOLD_freelength_2x2x2mm_tr1s_sl72_mb6", 
    "PhaseEncodingDirection": "j-", 
    "BandwidthPerPixelPhaseEncode": 15.319, 
    "TotalReadoutTime": 0.0645984, 
    "RepetitionTime": 1, 
    "MultibandAccelerationFactor": 6, 
    "MagneticFieldStrength": 3, 
    "PhaseEncodingSteps": 72, 
    "MRAcquisitionType": "2D", 
    "SliceThickness": 2, 
    "AcquisitionNumber": 1, 
    "InstitutionName": "Tokyo University IRCN", 
    "DwellTime": 2.8e-06, 
    "TxRefAmp": 237.095, 
    "BodyPartExamined": "BRAIN", 
    "ReceiveCoilActiveElements": "HEA;HEP", 
    "DerivedVendorReportedEchoSpacing": 0.000679983, 
    "SAR": 0.0728384, 
    "PulseSequenceDetails": "%CustomerSeq%\\cmrr_mbep2d_bold", 
    "ScanningSequence": "EP", 
    "Manufacturer": "Siemens", 
    "ConversionSoftware": "dcm2niix", 
    "PercentPhaseFOV": 100, 
    "ReconMatrixPE": 96, 
    "FlipAngle": 65, 
    "ConversionSoftwareVersion": "v1.0.20201102", 
    "SeriesDescription": "BOLD_freelength_2x2x2mm_tr1s_sl72_mb6", 
    "PartialFourier": 0.75, 
    "InstitutionAddress": "Hongo 7-3-1,Bunkyo-ku,Tokyo,JP,113-0033", 
    "AcquisitionTime": "20:13:59.090000", 
    "ShimSetting": [
        6486, 
        -2332, 
        1582, 
        337, 
        -51, 
        4, 
        -70, 
        -4
    ], 
    "PatientPosition": "HFS", 
    "SequenceName": "epfid2d1_96", 
    "SeriesNumber": 12, 
    "TaskName": "trainPerception", 
    "PercentSampling": 100, 
    "SpacingBetweenSlices": 2, 
    "ImageType": [
        "ORIGINAL", 
        "PRIMARY", 
        "M", 
        "MB", 
        "ND", 
        "NORM", 
        "MOSAIC"
    ], 
    "ReceiveCoilName": "Head_32", 
    "EchoTime": 0.03, 
    "SequenceVariant": "SK\\SS", 
    "SliceTiming": [
        0, 
        0.4075, 
        0.8175, 
        0.245, 
        0.6525, 
        0.0825, 
        0.49, 
        0.8975, 
        0.3275, 
        0.735, 
        0.1625, 
        0.5725, 
        0, 
        0.4075, 
        0.8175, 
        0.245, 
        0.6525, 
        0.0825, 
        0.49, 
        0.8975, 
        0.3275, 
        0.735, 
        0.1625, 
        0.5725, 
        0, 
        0.4075, 
        0.8175, 
        0.245, 
        0.6525, 
        0.0825, 
        0.49, 
        0.8975, 
        0.3275, 
        0.735, 
        0.1625, 
        0.5725, 
        0, 
        0.4075, 
        0.8175, 
        0.245, 
        0.6525, 
        0.0825, 
        0.49, 
        0.8975, 
        0.3275, 
        0.735, 
        0.1625, 
        0.5725, 
        0, 
        0.4075, 
        0.8175, 
        0.245, 
        0.6525, 
        0.0825, 
        0.49, 
        0.8975, 
        0.3275, 
        0.735, 
        0.1625, 
        0.5725, 
        0, 
        0.4075, 
        0.8175, 
        0.245, 
        0.6525, 
        0.0825, 
        0.49, 
        0.8975, 
        0.3275, 
        0.735, 
        0.1625, 
        0.5725
    ], 
    "ImagingFrequency": 123.241, 
    "EchoTrainLength": 72, 
    "BaseResolution": 96, 
    "PixelBandwidth": 1860, 
    "ScanOptions": "PFP\\FS", 
    "PhaseResolution": 1, 
    "SoftwareVersions": "syngo MR E11", 
    "StationName": "AWP166112", 
    "Modality": "MR", 
    "InstitutionalDepartmentName": "Reserch center"
}