{
	"Modality": "MR",
	"MagneticFieldStrength": 3,
	"ImagingFrequency": 123.241,
	"Manufacturer": "Siemens",
	"ManufacturersModelName": "Prisma",
	"InstitutionName": "Tokyo University IRCN",
	"InstitutionalDepartmentName": "Reserch center",
	"InstitutionAddress": "Hongo 7-3-1,Bunkyo-ku,Tokyo,JP,113-0033",
	"DeviceSerialNumber": "166112",
	"StationName": "AWP166112",
	"BodyPartExamined": "BRAIN",
	"PatientPosition": "HFS",
	"ProcedureStepDescription": "Horikawa^vision",
	"SoftwareVersions": "syngo MR E11",
	"MRAcquisitionType": "2D",
	"SeriesDescription": "t2_tse_tra_0.75x0.75x2.0mm_72slices",
	"ProtocolName": "t2_tse_tra_0.75x0.75x2.0mm_72slices",
	"ScanningSequence": "SE",
	"SequenceVariant": "SK\\SP",
	"ScanOptions": "SAT1",
	"SequenceName": "*tse2d1rr11",
	"ImageType": ["ORIGINAL", "PRIMARY", "M", "ND", "NORM"],
	"SeriesNumber": 6,
	"AcquisitionTime": "12:58:56.845000",
	"AcquisitionNumber": 1,
	"SliceThickness": 2,
	"SpacingBetweenSlices": 2,
	"SAR": 0.366617,
	"EchoTime": 0.059,
	"RepetitionTime": 11,
	"FlipAngle": 160,
	"PartialFourier": 1,
	"BaseResolution": 256,
	"ShimSetting": [
		6496,
		-2332,
		1396,
		47,
		-13,
		-13,
		13,
		0	],
	"TxRefAmp": 240.393,
	"PhaseResolution": 1,
	"ReceiveCoilName": "Head_32",
	"ReceiveCoilActiveElements": "HEA;HEP",
	"PulseSequenceDetails": "%SiemensSeq%\\tse",
	"RefLinesPE": 30,
	"ConsistencyInfo": "N4_VE11C_LATEST_20160120",
	"PercentPhaseFOV": 100,
	"PercentSampling": 100,
	"EchoTrainLength": 11,
	"PhaseEncodingSteps": 255,
	"AcquisitionMatrixPE": 256,
	"ReconMatrixPE": 256,
	"ParallelReductionFactorInPlane": 2,
	"PixelBandwidth": 180,
	"DwellTime": 1.08e-05,
	"PhaseEncodingDirection": "i",
	"SliceTiming": [
		0,
		0.15625,
		0.30469,
		0.46094,
		0.61719,
		0.76562,
		0.92188,
		1.07031,
		1.22656,
		1.375,
		1.53125,
		1.67969,
		1.83594,
		1.99219,
		2.14062,
		2.29688,
		2.44531,
		2.60156,
		2.75,
		2.90625,
		3.05469,
		3.21094,
		3.36719,
		3.51562,
		3.67188,
		3.82031,
		3.97656,
		4.125,
		4.28125,
		4.42969,
		4.58594,
		4.74219,
		4.89062,
		5.04688,
		5.19531,
		5.35156,
		5.5,
		5.65625,
		5.80469,
		5.96094,
		6.11719,
		6.26562,
		6.42188,
		6.57031,
		6.72656,
		6.875,
		7.03125,
		7.17969,
		7.33594,
		7.49219,
		7.64062,
		7.79688,
		7.94531,
		8.10156,
		8.25,
		8.40625,
		8.55469,
		8.71094,
		8.86719,
		9.01562,
		9.17188,
		9.32031,
		9.47656,
		9.625,
		9.78125,
		9.92969,
		10.0859,
		10.2344,
		10.3906,
		10.5469,
		10.6953,
		10.8516	],
	"ImageOrientationPatientDICOM": [
		0.999072,
		0.0411869,
		0.0125976,
		-0.0408255,
		0.998782,
		-0.0277159	],
	"InPlanePhaseEncodingDirectionDICOM": "ROW",
	"ConversionSoftware": "dcm2niix",
	"ConversionSoftwareVersion": "v1.0.20201102"
}
