{
    "InPlanePhaseEncodingDirectionDICOM": "COL", 
    "B0FieldSource": "gre_field_mapping_2mm_72slices_8", 
    "ConsistencyInfo": "N4_VE11C_LATEST_20160120", 
    "ImageComments": "Unaliased MB6/PE3", 
    "ProcedureStepDescription": "Horikawa^vision", 
    "DeviceSerialNumber": "166112", 
    "AcquisitionMatrixPE": 96, 
    "ImageOrientationPatientDICOM": [
        0.996999, 
        0.0773277, 
        0.00367972, 
        -0.0774151, 
        0.995789, 
        0.0490992
    ], 
    "EffectiveEchoSpacing": 0.000679983, 
    "WipMemBlock": "65ceb07e-d165-487c-8ce1-65599824b4a8||Sequence: R016 ve11c/master r/e634e98; Dec 19 2017 11:00:25 by eja", 
    "ManufacturersModelName": "Prisma", 
    "ProtocolName": "BOLD_freelength_2x2x2mm_tr1s_sl72_mb6", 
    "PhaseEncodingDirection": "j-", 
    "BandwidthPerPixelPhaseEncode": 15.319, 
    "TotalReadoutTime": 0.0645984, 
    "RepetitionTime": 1, 
    "MultibandAccelerationFactor": 6, 
    "MagneticFieldStrength": 3, 
    "PhaseEncodingSteps": 72, 
    "MRAcquisitionType": "2D", 
    "SliceThickness": 2, 
    "AcquisitionNumber": 1, 
    "InstitutionName": "Tokyo University IRCN", 
    "DwellTime": 2.8e-06, 
    "TxRefAmp": 270.72, 
    "BodyPartExamined": "BRAIN", 
    "ReceiveCoilActiveElements": "HEA;HEP", 
    "DerivedVendorReportedEchoSpacing": 0.000679983, 
    "SAR": 0.0909726, 
    "PulseSequenceDetails": "%CustomerSeq%\\cmrr_mbep2d_bold", 
    "ScanningSequence": "EP", 
    "Manufacturer": "Siemens", 
    "ConversionSoftware": "dcm2niix", 
    "PercentPhaseFOV": 100, 
    "ReconMatrixPE": 96, 
    "FlipAngle": 65, 
    "ConversionSoftwareVersion": "v1.0.20201102", 
    "SeriesDescription": "BOLD_freelength_2x2x2mm_tr1s_sl72_mb6", 
    "PartialFourier": 0.75, 
    "InstitutionAddress": "Hongo 7-3-1,Bunkyo-ku,Tokyo,JP,113-0033", 
    "AcquisitionTime": "13:51:13.007500", 
    "ShimSetting": [
        6493, 
        -2365, 
        1617, 
        344, 
        -19, 
        -64, 
        69, 
        46
    ], 
    "PatientPosition": "HFS", 
    "SequenceName": "epfid2d1_96", 
    "SeriesNumber": 11, 
    "TaskName": "trainPerception", 
    "PercentSampling": 100, 
    "SpacingBetweenSlices": 2, 
    "ImageType": [
        "ORIGINAL", 
        "PRIMARY", 
        "M", 
        "MB", 
        "ND", 
        "NORM", 
        "MOSAIC"
    ], 
    "ReceiveCoilName": "Head_32", 
    "EchoTime": 0.03, 
    "SequenceVariant": "SK\\SS", 
    "SliceTiming": [
        0, 
        0.41, 
        0.8175, 
        0.245, 
        0.655, 
        0.0825, 
        0.49, 
        0.9, 
        0.3275, 
        0.735, 
        0.165, 
        0.5725, 
        0, 
        0.41, 
        0.8175, 
        0.245, 
        0.655, 
        0.0825, 
        0.49, 
        0.9, 
        0.3275, 
        0.735, 
        0.165, 
        0.5725, 
        0, 
        0.41, 
        0.8175, 
        0.245, 
        0.655, 
        0.0825, 
        0.49, 
        0.9, 
        0.3275, 
        0.735, 
        0.165, 
        0.5725, 
        0, 
        0.41, 
        0.8175, 
        0.245, 
        0.655, 
        0.0825, 
        0.49, 
        0.9, 
        0.3275, 
        0.735, 
        0.165, 
        0.5725, 
        0, 
        0.41, 
        0.8175, 
        0.245, 
        0.655, 
        0.0825, 
        0.49, 
        0.9, 
        0.3275, 
        0.735, 
        0.165, 
        0.5725, 
        0, 
        0.41, 
        0.8175, 
        0.245, 
        0.655, 
        0.0825, 
        0.49, 
        0.9, 
        0.3275, 
        0.735, 
        0.165, 
        0.5725
    ], 
    "ImagingFrequency": 123.242, 
    "EchoTrainLength": 72, 
    "BaseResolution": 96, 
    "PixelBandwidth": 1860, 
    "ScanOptions": "PFP\\FS", 
    "PhaseResolution": 1, 
    "SoftwareVersions": "syngo MR E11", 
    "StationName": "AWP166112", 
    "Modality": "MR", 
    "InstitutionalDepartmentName": "Reserch center"
}