{
    "EchoTime1": 0.01, 
    "InPlanePhaseEncodingDirectionDICOM": "COL", 
    "EchoTime2": 0.01246, 
    "ConsistencyInfo": "N4_VE11C_LATEST_20160120", 
    "ProcedureStepDescription": "Horikawa^vision", 
    "DeviceSerialNumber": "166112", 
    "AcquisitionMatrixPE": 96, 
    "ImageOrientationPatientDICOM": [
        0.997924, 
        0.0635455, 
        -0.0104493, 
        -0.0643579, 
        0.989864, 
        -0.1266
    ], 
    "ManufacturersModelName": "Prisma", 
    "ProtocolName": "gre_field_mapping_2mm_72slices", 
    "PhaseEncodingDirection": "j-", 
    "RepetitionTime": 1.2, 
    "MagneticFieldStrength": 3, 
    "PhaseEncodingSteps": 72, 
    "B0FieldIdentifier": "gre_field_mapping_2mm_72slices_18", 
    "MRAcquisitionType": "2D", 
    "SliceThickness": 2, 
    "AcquisitionNumber": 1, 
    "InstitutionName": "Tokyo University IRCN", 
    "DwellTime": 1.79e-05, 
    "TxRefAmp": 226.787, 
    "BodyPartExamined": "BRAIN", 
    "IntendedFor": [
        "ses-testImagery05/func/sub-04_ses-testImagery05_task-testImagery_run-01_bold.nii.gz", 
        "ses-testImagery05/func/sub-04_ses-testImagery05_task-testImagery_run-02_bold.nii.gz", 
        "ses-testImagery05/func/sub-04_ses-testImagery05_task-testImagery_run-03_bold.nii.gz", 
        "ses-testImagery05/func/sub-04_ses-testImagery05_task-testImagery_run-04_bold.nii.gz", 
        "ses-testImagery05/func/sub-04_ses-testImagery05_task-testImagery_run-05_bold.nii.gz", 
        "ses-testImagery05/func/sub-04_ses-testImagery05_task-testImagery_run-06_bold.nii.gz"
    ], 
    "ReceiveCoilActiveElements": "HEA;HEP", 
    "SAR": 0.185659, 
    "PulseSequenceDetails": "%SiemensSeq%\\gre_field_mapping", 
    "ScanningSequence": "GR", 
    "Manufacturer": "Siemens", 
    "ConversionSoftware": "dcm2niix", 
    "PercentPhaseFOV": 100, 
    "ReconMatrixPE": 96, 
    "FlipAngle": 90, 
    "ConversionSoftwareVersion": "v1.0.20201102", 
    "SeriesDescription": "gre_field_mapping_2mm_72slices", 
    "PartialFourier": 0.75, 
    "InstitutionAddress": "Hongo 7-3-1,Bunkyo-ku,Tokyo,JP,113-0033", 
    "AcquisitionTime": "10:54:33.760000", 
    "ShimSetting": [
        6472, 
        -2337, 
        1534, 
        317, 
        -4, 
        -378, 
        -229, 
        52
    ], 
    "PatientPosition": "HFS", 
    "SequenceName": "*fm2d2r", 
    "SeriesNumber": 8, 
    "PercentSampling": 100, 
    "SpacingBetweenSlices": 2, 
    "ImageType": [
        "ORIGINAL", 
        "PRIMARY", 
        "P", 
        "ND", 
        "PHASE"
    ], 
    "ReceiveCoilName": "Head_32", 
    "EchoTime": 0.01246, 
    "SequenceVariant": "SP", 
    "SliceTiming": [
        0.60156, 
        0, 
        0.625, 
        0.02344, 
        0.63281, 
        0.03906, 
        0.65625, 
        0.05469, 
        0.67188, 
        0.07031, 
        0.6875, 
        0.08594, 
        0.70312, 
        0.10156, 
        0.71875, 
        0.125, 
        0.73438, 
        0.14062, 
        0.75, 
        0.15625, 
        0.77344, 
        0.17188, 
        0.78906, 
        0.1875, 
        0.80469, 
        0.20312, 
        0.82031, 
        0.21875, 
        0.83594, 
        0.23438, 
        0.85156, 
        0.25, 
        0.875, 
        0.27344, 
        0.88281, 
        0.28906, 
        0.90625, 
        0.30469, 
        0.92188, 
        0.32031, 
        0.9375, 
        0.33594, 
        0.95312, 
        0.35156, 
        0.96875, 
        0.375, 
        0.98438, 
        0.38281, 
        1, 
        0.40625, 
        1.02344, 
        0.42188, 
        1.03906, 
        0.4375, 
        1.05469, 
        0.45312, 
        1.07031, 
        0.46875, 
        1.08594, 
        0.48438, 
        1.10156, 
        0.5, 
        1.125, 
        0.52344, 
        1.13281, 
        0.53906, 
        1.15625, 
        0.55469, 
        1.17188, 
        0.57031, 
        1.1875, 
        0.58594
    ], 
    "ImagingFrequency": 123.241, 
    "BaseResolution": 96, 
    "PixelBandwidth": 290, 
    "ScanOptions": "PFP", 
    "PhaseResolution": 1, 
    "SoftwareVersions": "syngo MR E11", 
    "StationName": "AWP166112", 
    "Modality": "MR", 
    "EchoNumber": 2, 
    "InstitutionalDepartmentName": "Reserch center"
}