{
	"Modality": "MR",
	"MagneticFieldStrength": 3,
	"ImagingFrequency": 123.241,
	"Manufacturer": "Siemens",
	"ManufacturersModelName": "Prisma",
	"InstitutionName": "Tokyo University IRCN",
	"InstitutionalDepartmentName": "Reserch center",
	"InstitutionAddress": "Hongo 7-3-1,Bunkyo-ku,Tokyo,JP,113-0033",
	"DeviceSerialNumber": "166112",
	"StationName": "AWP166112",
	"BodyPartExamined": "BRAIN",
	"PatientPosition": "HFS",
	"ProcedureStepDescription": "Horikawa^vision",
	"SoftwareVersions": "syngo MR E11",
	"MRAcquisitionType": "2D",
	"SeriesDescription": "gre_field_mapping_2mm_72slices",
	"ProtocolName": "gre_field_mapping_2mm_72slices",
	"ScanningSequence": "GR",
	"SequenceVariant": "SP",
	"ScanOptions": "PFP",
	"SequenceName": "*fm2d2r",
	"ImageType": ["ORIGINAL", "PRIMARY", "M", "ND"],
	"SeriesNumber": 7,
	"AcquisitionTime": "09:22:46.525000",
	"AcquisitionNumber": 1,
	"SliceThickness": 2,
	"SpacingBetweenSlices": 2,
	"SAR": 0.184351,
	"EchoTime": 0.01,
	"RepetitionTime": 1.2,
	"FlipAngle": 90,
	"PartialFourier": 0.75,
	"BaseResolution": 96,
	"ShimSetting": [
		6494,
		-2310,
		1571,
		358,
		0,
		118,
		-163,
		-10	],
	"TxRefAmp": 241.482,
	"PhaseResolution": 1,
	"ReceiveCoilName": "Head_32",
	"ReceiveCoilActiveElements": "HEA;HEP",
	"PulseSequenceDetails": "%SiemensSeq%\\gre_field_mapping",
	"ConsistencyInfo": "N4_VE11C_LATEST_20160120",
	"PercentPhaseFOV": 100,
	"PercentSampling": 100,
	"PhaseEncodingSteps": 72,
	"AcquisitionMatrixPE": 96,
	"ReconMatrixPE": 96,
	"PixelBandwidth": 290,
	"DwellTime": 1.79e-05,
	"PhaseEncodingDirection": "j-",
	"SliceTiming": [
		0.60156,
		0,
		0.61719,
		0.02344,
		0.63281,
		0.03906,
		0.65625,
		0.05469,
		0.67188,
		0.07031,
		0.6875,
		0.08594,
		0.70312,
		0.10156,
		0.71875,
		0.11719,
		0.73438,
		0.13281,
		0.75,
		0.15625,
		0.77344,
		0.17188,
		0.78906,
		0.1875,
		0.80469,
		0.20312,
		0.82031,
		0.21875,
		0.83594,
		0.23438,
		0.85156,
		0.25,
		0.86719,
		0.27344,
		0.88281,
		0.28906,
		0.90625,
		0.30469,
		0.92188,
		0.32031,
		0.9375,
		0.33594,
		0.95312,
		0.35156,
		0.96875,
		0.36719,
		0.98438,
		0.38281,
		1,
		0.40625,
		1.02344,
		0.42188,
		1.03906,
		0.4375,
		1.05469,
		0.45312,
		1.07031,
		0.46875,
		1.08594,
		0.48438,
		1.10156,
		0.5,
		1.11719,
		0.52344,
		1.13281,
		0.53906,
		1.15625,
		0.55469,
		1.17188,
		0.57031,
		1.1875,
		0.58594	],
	"ImageOrientationPatientDICOM": [
		0.999,
		0.0401185,
		-0.0197493,
		-0.0429186,
		0.984221,
		-0.171658	],
	"InPlanePhaseEncodingDirectionDICOM": "COL",
	"ConversionSoftware": "dcm2niix",
	"ConversionSoftwareVersion": "v1.0.20201102"
}
