{
    "InPlanePhaseEncodingDirectionDICOM": "COL", 
    "B0FieldSource": "gre_field_mapping_2mm_72slices_2", 
    "ConsistencyInfo": "N4_VE11C_LATEST_20160120", 
    "ImageComments": "Unaliased MB6/PE3", 
    "ProcedureStepDescription": "Horikawa^vision", 
    "DeviceSerialNumber": "166112", 
    "AcquisitionMatrixPE": 96, 
    "ImageOrientationPatientDICOM": [
        0.999498, 
        0.0285854, 
        0.013683, 
        -0.0282677, 
        0.999339, 
        -0.0228709
    ], 
    "EffectiveEchoSpacing": 0.000679983, 
    "WipMemBlock": "abe5ceed-b795-4daa-bdc3-104af9f01848||Sequence: R016 ve11c/master r/e634e98; Dec 19 2017 11:00:25 by eja", 
    "ManufacturersModelName": "Prisma", 
    "ProtocolName": "BOLD_freelength_2x2x2mm_tr1s_sl72_mb6", 
    "PhaseEncodingDirection": "j-", 
    "BandwidthPerPixelPhaseEncode": 15.319, 
    "TotalReadoutTime": 0.0645984, 
    "RepetitionTime": 1, 
    "MultibandAccelerationFactor": 6, 
    "MagneticFieldStrength": 3, 
    "PhaseEncodingSteps": 72, 
    "MRAcquisitionType": "2D", 
    "SliceThickness": 2, 
    "AcquisitionNumber": 1, 
    "InstitutionName": "Tokyo University IRCN", 
    "DwellTime": 2.8e-06, 
    "TxRefAmp": 243.205, 
    "BodyPartExamined": "BRAIN", 
    "ReceiveCoilActiveElements": "HEA;HEP", 
    "DerivedVendorReportedEchoSpacing": 0.000679983, 
    "SAR": 0.0844683, 
    "PulseSequenceDetails": "%CustomerSeq%\\cmrr_mbep2d_bold", 
    "ScanningSequence": "EP", 
    "Manufacturer": "Siemens", 
    "ConversionSoftware": "dcm2niix", 
    "PercentPhaseFOV": 100, 
    "ReconMatrixPE": 96, 
    "FlipAngle": 65, 
    "ConversionSoftwareVersion": "v1.0.20201102", 
    "SeriesDescription": "BOLD_freelength_2x2x2mm_tr1s_sl72_mb6", 
    "PartialFourier": 0.75, 
    "InstitutionAddress": "Hongo 7-3-1,Bunkyo-ku,Tokyo,JP,113-0033", 
    "AcquisitionTime": "14:19:0.752500", 
    "ShimSetting": [
        6493, 
        -2345, 
        1585, 
        427, 
        10, 
        181, 
        -30, 
        2
    ], 
    "PatientPosition": "HFS", 
    "SequenceName": "epfid2d1_96", 
    "SeriesNumber": 9, 
    "TaskName": "trainPerception", 
    "PercentSampling": 100, 
    "SpacingBetweenSlices": 2, 
    "ImageType": [
        "ORIGINAL", 
        "PRIMARY", 
        "M", 
        "MB", 
        "ND", 
        "NORM", 
        "MOSAIC"
    ], 
    "ReceiveCoilName": "Head_32", 
    "EchoTime": 0.03, 
    "SequenceVariant": "SK\\SS", 
    "SliceTiming": [
        0, 
        0.4075, 
        0.815, 
        0.245, 
        0.6525, 
        0.08, 
        0.49, 
        0.8975, 
        0.325, 
        0.735, 
        0.1625, 
        0.57, 
        0, 
        0.4075, 
        0.815, 
        0.245, 
        0.6525, 
        0.08, 
        0.49, 
        0.8975, 
        0.325, 
        0.735, 
        0.1625, 
        0.57, 
        0, 
        0.4075, 
        0.815, 
        0.245, 
        0.6525, 
        0.08, 
        0.49, 
        0.8975, 
        0.325, 
        0.735, 
        0.1625, 
        0.57, 
        0, 
        0.4075, 
        0.815, 
        0.245, 
        0.6525, 
        0.08, 
        0.49, 
        0.8975, 
        0.325, 
        0.735, 
        0.1625, 
        0.57, 
        0, 
        0.4075, 
        0.815, 
        0.245, 
        0.6525, 
        0.08, 
        0.49, 
        0.8975, 
        0.325, 
        0.735, 
        0.1625, 
        0.57, 
        0, 
        0.4075, 
        0.815, 
        0.245, 
        0.6525, 
        0.08, 
        0.49, 
        0.8975, 
        0.325, 
        0.735, 
        0.1625, 
        0.57
    ], 
    "ImagingFrequency": 123.241, 
    "EchoTrainLength": 72, 
    "BaseResolution": 96, 
    "PixelBandwidth": 1860, 
    "ScanOptions": "PFP\\FS", 
    "PhaseResolution": 1, 
    "SoftwareVersions": "syngo MR E11", 
    "StationName": "AWP166112", 
    "Modality": "MR", 
    "InstitutionalDepartmentName": "Reserch center"
}