{
	"Modality": "MR",
	"MagneticFieldStrength": 3,
	"ImagingFrequency": 123.242,
	"Manufacturer": "Siemens",
	"ManufacturersModelName": "Prisma",
	"InstitutionName": "Tokyo University IRCN",
	"InstitutionalDepartmentName": "Reserch center",
	"InstitutionAddress": "Hongo 7-3-1,Bunkyo-ku,Tokyo,JP,113-0033",
	"DeviceSerialNumber": "166112",
	"StationName": "AWP166112",
	"BodyPartExamined": "BRAIN",
	"PatientPosition": "HFS",
	"ProcedureStepDescription": "Horikawa^vision",
	"SoftwareVersions": "syngo MR E11",
	"MRAcquisitionType": "2D",
	"SeriesDescription": "t2_tse_tra_0.75x0.75x2.0mm_72slices",
	"ProtocolName": "t2_tse_tra_0.75x0.75x2.0mm_72slices",
	"ScanningSequence": "SE",
	"SequenceVariant": "SK\\SP",
	"ScanOptions": "SAT1",
	"SequenceName": "*tse2d1rr11",
	"ImageType": ["ORIGINAL", "PRIMARY", "M", "ND", "NORM"],
	"SeriesNumber": 6,
	"AcquisitionTime": "11:09:36.380000",
	"AcquisitionNumber": 1,
	"SliceThickness": 2,
	"SpacingBetweenSlices": 2,
	"SAR": 0.328509,
	"EchoTime": 0.059,
	"RepetitionTime": 11,
	"FlipAngle": 160,
	"PartialFourier": 1,
	"BaseResolution": 256,
	"ShimSetting": [
		6496,
		-2332,
		1396,
		47,
		-13,
		-13,
		13,
		0	],
	"TxRefAmp": 236.417,
	"PhaseResolution": 1,
	"ReceiveCoilName": "Head_32",
	"ReceiveCoilActiveElements": "HEA;HEP",
	"PulseSequenceDetails": "%SiemensSeq%\\tse",
	"RefLinesPE": 30,
	"ConsistencyInfo": "N4_VE11C_LATEST_20160120",
	"PercentPhaseFOV": 100,
	"PercentSampling": 100,
	"EchoTrainLength": 11,
	"PhaseEncodingSteps": 255,
	"AcquisitionMatrixPE": 256,
	"ReconMatrixPE": 256,
	"ParallelReductionFactorInPlane": 2,
	"PixelBandwidth": 180,
	"DwellTime": 1.08e-05,
	"PhaseEncodingDirection": "i",
	"SliceTiming": [
		0,
		0.14844,
		0.30469,
		0.46094,
		0.60938,
		0.76562,
		0.91406,
		1.07031,
		1.21875,
		1.375,
		1.52344,
		1.67969,
		1.83594,
		1.98438,
		2.14062,
		2.28906,
		2.44531,
		2.59375,
		2.75,
		2.89844,
		3.05469,
		3.21094,
		3.35938,
		3.51562,
		3.66406,
		3.82031,
		3.96875,
		4.125,
		4.27344,
		4.42969,
		4.57812,
		4.73438,
		4.89062,
		5.03906,
		5.19531,
		5.34375,
		5.5,
		5.64844,
		5.80469,
		5.95312,
		6.10938,
		6.26562,
		6.41406,
		6.57031,
		6.71875,
		6.875,
		7.02344,
		7.17969,
		7.32812,
		7.48438,
		7.64062,
		7.78906,
		7.94531,
		8.09375,
		8.25,
		8.39844,
		8.55469,
		8.70312,
		8.85938,
		9.01562,
		9.16406,
		9.32031,
		9.46875,
		9.625,
		9.77344,
		9.92969,
		10.0781,
		10.2344,
		10.3906,
		10.5391,
		10.6953,
		10.8438	],
	"ImageOrientationPatientDICOM": [
		0.996096,
		0.062163,
		-0.0626808,
		-0.0703526,
		0.987891,
		-0.138284	],
	"InPlanePhaseEncodingDirectionDICOM": "ROW",
	"ConversionSoftware": "dcm2niix",
	"ConversionSoftwareVersion": "v1.0.20201102"
}
