{
    "InPlanePhaseEncodingDirectionDICOM": "COL", 
    "B0FieldSource": "gre_field_mapping_2mm_72slices_8", 
    "ConsistencyInfo": "N4_VE11C_LATEST_20160120", 
    "ImageComments": "Unaliased MB6/PE3", 
    "ProcedureStepDescription": "Horikawa^vision", 
    "DeviceSerialNumber": "166112", 
    "AcquisitionMatrixPE": 96, 
    "ImageOrientationPatientDICOM": [
        0.998345, 
        0.0536722, 
        -0.0206311, 
        -0.0481287, 
        0.976314, 
        0.210938
    ], 
    "EffectiveEchoSpacing": 0.000679983, 
    "WipMemBlock": "ce9de71a-0efc-4925-80e9-a9339c8ffb82||Sequence: R016 ve11c/master r/e634e98; Dec 19 2017 11:00:25 by eja", 
    "ManufacturersModelName": "Prisma", 
    "ProtocolName": "BOLD_freelength_2x2x2mm_tr1s_sl72_mb6", 
    "PhaseEncodingDirection": "j-", 
    "BandwidthPerPixelPhaseEncode": 15.319, 
    "TotalReadoutTime": 0.0645984, 
    "RepetitionTime": 1, 
    "MultibandAccelerationFactor": 6, 
    "MagneticFieldStrength": 3, 
    "PhaseEncodingSteps": 72, 
    "MRAcquisitionType": "2D", 
    "SliceThickness": 2, 
    "AcquisitionNumber": 1, 
    "InstitutionName": "Tokyo University IRCN", 
    "DwellTime": 2.8e-06, 
    "TxRefAmp": 229.727, 
    "BodyPartExamined": "BRAIN", 
    "ReceiveCoilActiveElements": "HEA;HEP", 
    "DerivedVendorReportedEchoSpacing": 0.000679983, 
    "SAR": 0.0850122, 
    "PulseSequenceDetails": "%CustomerSeq%\\cmrr_mbep2d_bold", 
    "ScanningSequence": "EP", 
    "Manufacturer": "Siemens", 
    "ConversionSoftware": "dcm2niix", 
    "PercentPhaseFOV": 100, 
    "ReconMatrixPE": 96, 
    "FlipAngle": 65, 
    "ConversionSoftwareVersion": "v1.0.20201102", 
    "SeriesDescription": "BOLD_freelength_2x2x2mm_tr1s_sl72_mb6", 
    "PartialFourier": 0.75, 
    "InstitutionAddress": "Hongo 7-3-1,Bunkyo-ku,Tokyo,JP,113-0033", 
    "AcquisitionTime": "15:47:47.790000", 
    "ShimSetting": [
        6486, 
        -2390, 
        1644, 
        444, 
        -24, 
        34, 
        113, 
        29
    ], 
    "PatientPosition": "HFS", 
    "SequenceName": "epfid2d1_96", 
    "SeriesNumber": 9, 
    "TaskName": "trainPerception", 
    "PercentSampling": 100, 
    "SpacingBetweenSlices": 2, 
    "ImageType": [
        "ORIGINAL", 
        "PRIMARY", 
        "M", 
        "MB", 
        "ND", 
        "NORM", 
        "MOSAIC"
    ], 
    "ReceiveCoilName": "Head_32", 
    "EchoTime": 0.03, 
    "SequenceVariant": "SK\\SS", 
    "SliceTiming": [
        0, 
        0.41, 
        0.8175, 
        0.245, 
        0.655, 
        0.0825, 
        0.49, 
        0.9, 
        0.3275, 
        0.735, 
        0.165, 
        0.5725, 
        0, 
        0.41, 
        0.8175, 
        0.245, 
        0.655, 
        0.0825, 
        0.49, 
        0.9, 
        0.3275, 
        0.735, 
        0.165, 
        0.5725, 
        0, 
        0.41, 
        0.8175, 
        0.245, 
        0.655, 
        0.0825, 
        0.49, 
        0.9, 
        0.3275, 
        0.735, 
        0.165, 
        0.5725, 
        0, 
        0.41, 
        0.8175, 
        0.245, 
        0.655, 
        0.0825, 
        0.49, 
        0.9, 
        0.3275, 
        0.735, 
        0.165, 
        0.5725, 
        0, 
        0.41, 
        0.8175, 
        0.245, 
        0.655, 
        0.0825, 
        0.49, 
        0.9, 
        0.3275, 
        0.735, 
        0.165, 
        0.5725, 
        0, 
        0.41, 
        0.8175, 
        0.245, 
        0.655, 
        0.0825, 
        0.49, 
        0.9, 
        0.3275, 
        0.735, 
        0.165, 
        0.5725
    ], 
    "ImagingFrequency": 123.241, 
    "EchoTrainLength": 72, 
    "BaseResolution": 96, 
    "PixelBandwidth": 1860, 
    "ScanOptions": "PFP\\FS", 
    "PhaseResolution": 1, 
    "SoftwareVersions": "syngo MR E11", 
    "StationName": "AWP166112", 
    "Modality": "MR", 
    "InstitutionalDepartmentName": "Reserch center"
}