{
    "InPlanePhaseEncodingDirectionDICOM": "COL", 
    "B0FieldSource": "gre_field_mapping_2mm_72slices_6", 
    "ConsistencyInfo": "N4_VE11C_LATEST_20160120", 
    "ImageComments": "Unaliased MB6/PE3", 
    "ProcedureStepDescription": "Horikawa^vision", 
    "DeviceSerialNumber": "166112", 
    "AcquisitionMatrixPE": 96, 
    "ImageOrientationPatientDICOM": [
        0.997983, 
        0.0584486, 
        -0.0247918, 
        -0.0620883, 
        0.980054, 
        -0.188786
    ], 
    "EffectiveEchoSpacing": 0.000679983, 
    "WipMemBlock": "01d14839-15fc-4a66-9258-55d39cfafc64||Sequence: R016 ve11c/master r/e634e98; Dec 19 2017 11:00:25 by eja", 
    "ManufacturersModelName": "Prisma", 
    "ProtocolName": "BOLD_freelength_2x2x2mm_tr1s_sl72_mb6", 
    "PhaseEncodingDirection": "j-", 
    "BandwidthPerPixelPhaseEncode": 15.319, 
    "TotalReadoutTime": 0.0645984, 
    "RepetitionTime": 1, 
    "MultibandAccelerationFactor": 6, 
    "MagneticFieldStrength": 3, 
    "PhaseEncodingSteps": 72, 
    "MRAcquisitionType": "2D", 
    "SliceThickness": 2, 
    "AcquisitionNumber": 1, 
    "InstitutionName": "Tokyo University IRCN", 
    "DwellTime": 2.8e-06, 
    "TxRefAmp": 242.195, 
    "BodyPartExamined": "BRAIN", 
    "ReceiveCoilActiveElements": "HEA;HEP", 
    "DerivedVendorReportedEchoSpacing": 0.000679983, 
    "SAR": 0.0799925, 
    "PulseSequenceDetails": "%CustomerSeq%\\cmrr_mbep2d_bold", 
    "ScanningSequence": "EP", 
    "Manufacturer": "Siemens", 
    "ConversionSoftware": "dcm2niix", 
    "PercentPhaseFOV": 100, 
    "ReconMatrixPE": 96, 
    "FlipAngle": 65, 
    "ConversionSoftwareVersion": "v1.0.20201102", 
    "SeriesDescription": "BOLD_freelength_2x2x2mm_tr1s_sl72_mb6", 
    "PartialFourier": 0.75, 
    "InstitutionAddress": "Hongo 7-3-1,Bunkyo-ku,Tokyo,JP,113-0033", 
    "AcquisitionTime": "10:17:22.817500", 
    "ShimSetting": [
        6500, 
        -2317, 
        1581, 
        353, 
        20, 
        83, 
        -133, 
        19
    ], 
    "PatientPosition": "HFS", 
    "SequenceName": "epfid2d1_96", 
    "SeriesNumber": 11, 
    "TaskName": "trainPerception", 
    "PercentSampling": 100, 
    "SpacingBetweenSlices": 2, 
    "ImageType": [
        "ORIGINAL", 
        "PRIMARY", 
        "M", 
        "MB", 
        "ND", 
        "NORM", 
        "MOSAIC"
    ], 
    "ReceiveCoilName": "Head_32", 
    "EchoTime": 0.03, 
    "SequenceVariant": "SK\\SS", 
    "SliceTiming": [
        0, 
        0.4075, 
        0.815, 
        0.245, 
        0.6525, 
        0.08, 
        0.49, 
        0.8975, 
        0.325, 
        0.735, 
        0.1625, 
        0.57, 
        0, 
        0.4075, 
        0.815, 
        0.245, 
        0.6525, 
        0.08, 
        0.49, 
        0.8975, 
        0.325, 
        0.735, 
        0.1625, 
        0.57, 
        0, 
        0.4075, 
        0.815, 
        0.245, 
        0.6525, 
        0.08, 
        0.49, 
        0.8975, 
        0.325, 
        0.735, 
        0.1625, 
        0.57, 
        0, 
        0.4075, 
        0.815, 
        0.245, 
        0.6525, 
        0.08, 
        0.49, 
        0.8975, 
        0.325, 
        0.735, 
        0.1625, 
        0.57, 
        0, 
        0.4075, 
        0.815, 
        0.245, 
        0.6525, 
        0.08, 
        0.49, 
        0.8975, 
        0.325, 
        0.735, 
        0.1625, 
        0.57, 
        0, 
        0.4075, 
        0.815, 
        0.245, 
        0.6525, 
        0.08, 
        0.49, 
        0.8975, 
        0.325, 
        0.735, 
        0.1625, 
        0.57
    ], 
    "ImagingFrequency": 123.242, 
    "EchoTrainLength": 72, 
    "BaseResolution": 96, 
    "PixelBandwidth": 1860, 
    "ScanOptions": "PFP\\FS", 
    "PhaseResolution": 1, 
    "SoftwareVersions": "syngo MR E11", 
    "StationName": "AWP166112", 
    "Modality": "MR", 
    "InstitutionalDepartmentName": "Reserch center"
}