{
    "EchoTime1": 0.01, 
    "InPlanePhaseEncodingDirectionDICOM": "COL", 
    "EchoTime2": 0.01246, 
    "ConsistencyInfo": "N4_VE11C_LATEST_20160120", 
    "ProcedureStepDescription": "Horikawa^vision", 
    "DeviceSerialNumber": "166112", 
    "AcquisitionMatrixPE": 96, 
    "ImageOrientationPatientDICOM": [
        0.997228, 
        0.0704086, 
        -0.0240418, 
        -0.0660611, 
        0.986598, 
        0.149198
    ], 
    "ManufacturersModelName": "Prisma", 
    "ProtocolName": "gre_field_mapping_2mm_72slices", 
    "PhaseEncodingDirection": "j-", 
    "RepetitionTime": 1.2, 
    "MagneticFieldStrength": 3, 
    "PhaseEncodingSteps": 72, 
    "B0FieldIdentifier": "gre_field_mapping_2mm_72slices_7", 
    "MRAcquisitionType": "2D", 
    "SliceThickness": 2, 
    "AcquisitionNumber": 1, 
    "InstitutionName": "Tokyo University IRCN", 
    "DwellTime": 1.79e-05, 
    "TxRefAmp": 221.711, 
    "BodyPartExamined": "BRAIN", 
    "IntendedFor": [
        "ses-trainPerception07/func/sub-02_ses-trainPerception07_task-trainPerception_run-01_bold.nii.gz", 
        "ses-trainPerception07/func/sub-02_ses-trainPerception07_task-trainPerception_run-02_bold.nii.gz", 
        "ses-trainPerception07/func/sub-02_ses-trainPerception07_task-trainPerception_run-03_bold.nii.gz", 
        "ses-trainPerception07/func/sub-02_ses-trainPerception07_task-trainPerception_run-04_bold.nii.gz", 
        "ses-trainPerception07/func/sub-02_ses-trainPerception07_task-trainPerception_run-05_bold.nii.gz", 
        "ses-trainPerception07/func/sub-02_ses-trainPerception07_task-trainPerception_run-06_bold.nii.gz"
    ], 
    "ReceiveCoilActiveElements": "HEA;HEP", 
    "SAR": 0.180398, 
    "PulseSequenceDetails": "%SiemensSeq%\\gre_field_mapping", 
    "ScanningSequence": "GR", 
    "Manufacturer": "Siemens", 
    "ConversionSoftware": "dcm2niix", 
    "PercentPhaseFOV": 100, 
    "ReconMatrixPE": 96, 
    "FlipAngle": 90, 
    "ConversionSoftwareVersion": "v1.0.20201102", 
    "SeriesDescription": "gre_field_mapping_2mm_72slices", 
    "PartialFourier": 0.75, 
    "InstitutionAddress": "Hongo 7-3-1,Bunkyo-ku,Tokyo,JP,113-0033", 
    "AcquisitionTime": "13:06:26.362500", 
    "ShimSetting": [
        6485, 
        -2371, 
        1617, 
        397, 
        -16, 
        72, 
        68, 
        45
    ], 
    "PatientPosition": "HFS", 
    "SequenceName": "*fm2d2r", 
    "SeriesNumber": 8, 
    "PercentSampling": 100, 
    "SpacingBetweenSlices": 2, 
    "ImageType": [
        "ORIGINAL", 
        "PRIMARY", 
        "P", 
        "ND", 
        "PHASE"
    ], 
    "ReceiveCoilName": "Head_32", 
    "EchoTime": 0.01246, 
    "SequenceVariant": "SP", 
    "SliceTiming": [
        0.59375, 
        0, 
        0.61719, 
        0.01562, 
        0.63281, 
        0.03125, 
        0.64844, 
        0.04688, 
        0.66406, 
        0.0625, 
        0.67969, 
        0.07812, 
        0.69531, 
        0.10156, 
        0.71094, 
        0.11719, 
        0.73438, 
        0.13281, 
        0.75, 
        0.14844, 
        0.76562, 
        0.16406, 
        0.78125, 
        0.17969, 
        0.79688, 
        0.20312, 
        0.8125, 
        0.21094, 
        0.82812, 
        0.23438, 
        0.84375, 
        0.25, 
        0.86719, 
        0.26562, 
        0.88281, 
        0.28125, 
        0.89844, 
        0.29688, 
        0.91406, 
        0.3125, 
        0.92969, 
        0.32812, 
        0.94531, 
        0.35156, 
        0.96094, 
        0.36719, 
        0.98438, 
        0.38281, 
        1, 
        0.39844, 
        1.01562, 
        0.41406, 
        1.03125, 
        0.42969, 
        1.04688, 
        0.45312, 
        1.0625, 
        0.46094, 
        1.07812, 
        0.48438, 
        1.09375, 
        0.5, 
        1.11719, 
        0.51562, 
        1.13281, 
        0.53125, 
        1.14844, 
        0.54688, 
        1.16406, 
        0.5625, 
        1.17969, 
        0.57812
    ], 
    "ImagingFrequency": 123.241, 
    "BaseResolution": 96, 
    "PixelBandwidth": 290, 
    "ScanOptions": "PFP", 
    "PhaseResolution": 1, 
    "SoftwareVersions": "syngo MR E11", 
    "StationName": "AWP166112", 
    "Modality": "MR", 
    "EchoNumber": 2, 
    "InstitutionalDepartmentName": "Reserch center"
}