{
    "InPlanePhaseEncodingDirectionDICOM": "COL", 
    "B0FieldSource": "gre_field_mapping_2mm_72slices_3", 
    "ConsistencyInfo": "N4_VE11C_LATEST_20160120", 
    "ImageComments": "Unaliased MB6/PE3", 
    "ProcedureStepDescription": "Horikawa^vision", 
    "DeviceSerialNumber": "166112", 
    "AcquisitionMatrixPE": 96, 
    "ImageOrientationPatientDICOM": [
        0.997276, 
        0.0729717, 
        -0.0107401, 
        -0.0723604, 
        0.996164, 
        0.0492019
    ], 
    "EffectiveEchoSpacing": 0.000679983, 
    "WipMemBlock": "6c040850-cb80-421a-b04f-b158befa1f96||Sequence: R016 ve11c/master r/e634e98; Dec 19 2017 11:00:25 by eja", 
    "ManufacturersModelName": "Prisma", 
    "ProtocolName": "BOLD_freelength_2x2x2mm_tr1s_sl72_mb6", 
    "PhaseEncodingDirection": "j-", 
    "BandwidthPerPixelPhaseEncode": 15.319, 
    "TotalReadoutTime": 0.0645984, 
    "RepetitionTime": 1, 
    "MultibandAccelerationFactor": 6, 
    "MagneticFieldStrength": 3, 
    "PhaseEncodingSteps": 72, 
    "MRAcquisitionType": "2D", 
    "SliceThickness": 2, 
    "AcquisitionNumber": 1, 
    "InstitutionName": "Tokyo University IRCN", 
    "DwellTime": 2.8e-06, 
    "TxRefAmp": 228.201, 
    "BodyPartExamined": "BRAIN", 
    "ReceiveCoilActiveElements": "HEA;HEP", 
    "DerivedVendorReportedEchoSpacing": 0.000679983, 
    "SAR": 0.0831233, 
    "PulseSequenceDetails": "%CustomerSeq%\\cmrr_mbep2d_bold", 
    "ScanningSequence": "EP", 
    "Manufacturer": "Siemens", 
    "ConversionSoftware": "dcm2niix", 
    "PercentPhaseFOV": 100, 
    "ReconMatrixPE": 96, 
    "FlipAngle": 65, 
    "ConversionSoftwareVersion": "v1.0.20201102", 
    "SeriesDescription": "BOLD_freelength_2x2x2mm_tr1s_sl72_mb6", 
    "PartialFourier": 0.75, 
    "InstitutionAddress": "Hongo 7-3-1,Bunkyo-ku,Tokyo,JP,113-0033", 
    "AcquisitionTime": "11:41:45.917500", 
    "ShimSetting": [
        6489, 
        -2369, 
        1627, 
        350, 
        7, 
        81, 
        -5, 
        62
    ], 
    "PatientPosition": "HFS", 
    "SequenceName": "epfid2d1_96", 
    "SeriesNumber": 12, 
    "TaskName": "trainPerception", 
    "PercentSampling": 100, 
    "SpacingBetweenSlices": 2, 
    "ImageType": [
        "ORIGINAL", 
        "PRIMARY", 
        "M", 
        "MB", 
        "ND", 
        "NORM", 
        "MOSAIC"
    ], 
    "ReceiveCoilName": "Head_32", 
    "EchoTime": 0.03, 
    "SequenceVariant": "SK\\SS", 
    "SliceTiming": [
        0, 
        0.41, 
        0.8175, 
        0.245, 
        0.655, 
        0.0825, 
        0.49, 
        0.9, 
        0.3275, 
        0.735, 
        0.165, 
        0.5725, 
        0, 
        0.41, 
        0.8175, 
        0.245, 
        0.655, 
        0.0825, 
        0.49, 
        0.9, 
        0.3275, 
        0.735, 
        0.165, 
        0.5725, 
        0, 
        0.41, 
        0.8175, 
        0.245, 
        0.655, 
        0.0825, 
        0.49, 
        0.9, 
        0.3275, 
        0.735, 
        0.165, 
        0.5725, 
        0, 
        0.41, 
        0.8175, 
        0.245, 
        0.655, 
        0.0825, 
        0.49, 
        0.9, 
        0.3275, 
        0.735, 
        0.165, 
        0.5725, 
        0, 
        0.41, 
        0.8175, 
        0.245, 
        0.655, 
        0.0825, 
        0.49, 
        0.9, 
        0.3275, 
        0.735, 
        0.165, 
        0.5725, 
        0, 
        0.41, 
        0.8175, 
        0.245, 
        0.655, 
        0.0825, 
        0.49, 
        0.9, 
        0.3275, 
        0.735, 
        0.165, 
        0.5725
    ], 
    "ImagingFrequency": 123.242, 
    "EchoTrainLength": 72, 
    "BaseResolution": 96, 
    "PixelBandwidth": 1860, 
    "ScanOptions": "PFP\\FS", 
    "PhaseResolution": 1, 
    "SoftwareVersions": "syngo MR E11", 
    "StationName": "AWP166112", 
    "Modality": "MR", 
    "InstitutionalDepartmentName": "Reserch center"
}