{
	"Modality": "MR",
	"MagneticFieldStrength": 3,
	"ImagingFrequency": 123.241,
	"Manufacturer": "Siemens",
	"ManufacturersModelName": "Prisma",
	"InstitutionName": "Tokyo University IRCN",
	"InstitutionalDepartmentName": "Reserch center",
	"InstitutionAddress": "Hongo 7-3-1,Bunkyo-ku,Tokyo,JP,113-0033",
	"DeviceSerialNumber": "166112",
	"StationName": "AWP166112",
	"BodyPartExamined": "BRAIN",
	"PatientPosition": "HFS",
	"ProcedureStepDescription": "Horikawa^vision",
	"SoftwareVersions": "syngo MR E11",
	"MRAcquisitionType": "2D",
	"SeriesDescription": "t2_tse_tra_0.75x0.75x2.0mm_72slices",
	"ProtocolName": "t2_tse_tra_0.75x0.75x2.0mm_72slices",
	"ScanningSequence": "SE",
	"SequenceVariant": "SK\\SP",
	"ScanOptions": "SAT1",
	"SequenceName": "*tse2d1rr11",
	"ImageType": ["ORIGINAL", "PRIMARY", "M", "ND", "NORM"],
	"SeriesNumber": 6,
	"AcquisitionTime": "17:27:15.000000",
	"AcquisitionNumber": 1,
	"SliceThickness": 2,
	"SpacingBetweenSlices": 2,
	"SAR": 0.354435,
	"EchoTime": 0.059,
	"RepetitionTime": 11,
	"FlipAngle": 160,
	"PartialFourier": 1,
	"BaseResolution": 256,
	"ShimSetting": [
		6496,
		-2332,
		1396,
		47,
		-13,
		-13,
		13,
		0	],
	"TxRefAmp": 227.924,
	"PhaseResolution": 1,
	"ReceiveCoilName": "Head_32",
	"ReceiveCoilActiveElements": "HEA;HEP",
	"PulseSequenceDetails": "%SiemensSeq%\\tse",
	"RefLinesPE": 30,
	"ConsistencyInfo": "N4_VE11C_LATEST_20160120",
	"PercentPhaseFOV": 100,
	"PercentSampling": 100,
	"EchoTrainLength": 11,
	"PhaseEncodingSteps": 255,
	"AcquisitionMatrixPE": 256,
	"ReconMatrixPE": 256,
	"ParallelReductionFactorInPlane": 2,
	"PixelBandwidth": 180,
	"DwellTime": 1.08e-05,
	"PhaseEncodingDirection": "i",
	"SliceTiming": [
		0,
		0.15625,
		0.3125,
		0.45312,
		0.60938,
		0.76562,
		0.92188,
		1.0625,
		1.21875,
		1.375,
		1.53125,
		1.6875,
		1.82812,
		1.98438,
		2.14062,
		2.29688,
		2.4375,
		2.59375,
		2.75,
		2.90625,
		3.0625,
		3.20312,
		3.35938,
		3.51562,
		3.67188,
		3.8125,
		3.96875,
		4.125,
		4.28125,
		4.4375,
		4.57812,
		4.73438,
		4.89062,
		5.04688,
		5.1875,
		5.34375,
		5.5,
		5.65625,
		5.8125,
		5.95312,
		6.10938,
		6.26562,
		6.42188,
		6.5625,
		6.71875,
		6.875,
		7.03125,
		7.1875,
		7.32812,
		7.48438,
		7.64062,
		7.79688,
		7.9375,
		8.09375,
		8.25,
		8.40625,
		8.5625,
		8.70312,
		8.85938,
		9.01562,
		9.17188,
		9.3125,
		9.46875,
		9.625,
		9.78125,
		9.9375,
		10.0781,
		10.2344,
		10.3906,
		10.5469,
		10.6875,
		10.8438	],
	"ImageOrientationPatientDICOM": [
		0.998381,
		0.0567852,
		-0.00323328,
		-0.0561678,
		0.993285,
		0.101146	],
	"InPlanePhaseEncodingDirectionDICOM": "ROW",
	"ConversionSoftware": "dcm2niix",
	"ConversionSoftwareVersion": "v1.0.20201102"
}
