{
	"Modality": "MR",
	"MagneticFieldStrength": 3,
	"ImagingFrequency": 123.241,
	"Manufacturer": "Siemens",
	"ManufacturersModelName": "Prisma",
	"InstitutionName": "Tokyo University IRCN",
	"InstitutionalDepartmentName": "Reserch center",
	"InstitutionAddress": "Hongo 7-3-1,Bunkyo-ku,Tokyo,JP,113-0033",
	"DeviceSerialNumber": "166112",
	"StationName": "AWP166112",
	"BodyPartExamined": "BRAIN",
	"PatientPosition": "HFS",
	"ProcedureStepDescription": "Horikawa^vision",
	"SoftwareVersions": "syngo MR E11",
	"MRAcquisitionType": "2D",
	"SeriesDescription": "gre_field_mapping_2mm_72slices",
	"ProtocolName": "gre_field_mapping_2mm_72slices",
	"ScanningSequence": "GR",
	"SequenceVariant": "SP",
	"ScanOptions": "PFP",
	"SequenceName": "*fm2d2r",
	"ImageType": ["ORIGINAL", "PRIMARY", "M", "ND"],
	"SeriesNumber": 7,
	"AcquisitionTime": "09:18:32.372500",
	"AcquisitionNumber": 1,
	"SliceThickness": 2,
	"SpacingBetweenSlices": 2,
	"SAR": 0.189958,
	"EchoNumber": 2,
	"EchoTime": 0.01246,
	"RepetitionTime": 1.2,
	"FlipAngle": 90,
	"PartialFourier": 0.75,
	"BaseResolution": 96,
	"ShimSetting": [
		6481,
		-2347,
		1593,
		412,
		-23,
		171,
		-35,
		18	],
	"TxRefAmp": 239.811,
	"PhaseResolution": 1,
	"ReceiveCoilName": "Head_32",
	"ReceiveCoilActiveElements": "HEA;HEP",
	"PulseSequenceDetails": "%SiemensSeq%\\gre_field_mapping",
	"ConsistencyInfo": "N4_VE11C_LATEST_20160120",
	"PercentPhaseFOV": 100,
	"PercentSampling": 100,
	"PhaseEncodingSteps": 72,
	"AcquisitionMatrixPE": 96,
	"ReconMatrixPE": 96,
	"PixelBandwidth": 290,
	"DwellTime": 1.79e-05,
	"PhaseEncodingDirection": "j-",
	"SliceTiming": [
		0.60156,
		0,
		0.61719,
		0.01562,
		0.63281,
		0.03125,
		0.64844,
		0.04688,
		0.66406,
		0.0625,
		0.67969,
		0.07812,
		0.69531,
		0.10156,
		0.71094,
		0.11719,
		0.73438,
		0.13281,
		0.75,
		0.14844,
		0.76562,
		0.16406,
		0.78125,
		0.17969,
		0.79688,
		0.19531,
		0.8125,
		0.21094,
		0.82812,
		0.23438,
		0.85156,
		0.25,
		0.86719,
		0.26562,
		0.88281,
		0.28125,
		0.89844,
		0.29688,
		0.91406,
		0.3125,
		0.92969,
		0.32812,
		0.94531,
		0.35156,
		0.96094,
		0.36719,
		0.98438,
		0.38281,
		1,
		0.39844,
		1.01562,
		0.41406,
		1.03125,
		0.42969,
		1.04688,
		0.44531,
		1.0625,
		0.46094,
		1.07812,
		0.48438,
		1.10156,
		0.5,
		1.11719,
		0.51562,
		1.13281,
		0.53125,
		1.14844,
		0.54688,
		1.16406,
		0.5625,
		1.17969,
		0.57812	],
	"ImageOrientationPatientDICOM": [
		0.99944,
		0.0221052,
		-0.0251276,
		-0.0228549,
		0.99929,
		-0.0299532	],
	"InPlanePhaseEncodingDirectionDICOM": "COL",
	"ConversionSoftware": "dcm2niix",
	"ConversionSoftwareVersion": "v1.0.20201102"
}
