{
	"Modality": "MR",
	"MagneticFieldStrength": 3,
	"ImagingFrequency": 123.241,
	"Manufacturer": "Siemens",
	"ManufacturersModelName": "Prisma",
	"InstitutionName": "Tokyo University IRCN",
	"InstitutionalDepartmentName": "Reserch center",
	"InstitutionAddress": "Hongo 7-3-1,Bunkyo-ku,Tokyo,JP,113-0033",
	"DeviceSerialNumber": "166112",
	"StationName": "AWP166112",
	"BodyPartExamined": "BRAIN",
	"PatientPosition": "HFS",
	"ProcedureStepDescription": "Horikawa^vision",
	"SoftwareVersions": "syngo MR E11",
	"MRAcquisitionType": "2D",
	"SeriesDescription": "t2_tse_tra_0.75x0.75x2.0mm_72slices",
	"ProtocolName": "t2_tse_tra_0.75x0.75x2.0mm_72slices",
	"ScanningSequence": "SE",
	"SequenceVariant": "SK\\SP",
	"ScanOptions": "SAT1",
	"SequenceName": "*tse2d1rr11",
	"ImageType": ["ORIGINAL", "PRIMARY", "M", "ND", "NORM"],
	"SeriesNumber": 6,
	"AcquisitionTime": "17:12:6.880000",
	"AcquisitionNumber": 1,
	"SliceThickness": 2,
	"SpacingBetweenSlices": 2,
	"SAR": 0.368507,
	"EchoTime": 0.059,
	"RepetitionTime": 11,
	"FlipAngle": 160,
	"PartialFourier": 1,
	"BaseResolution": 256,
	"ShimSetting": [
		6496,
		-2332,
		1396,
		47,
		-13,
		-13,
		13,
		0	],
	"TxRefAmp": 229.256,
	"PhaseResolution": 1,
	"ReceiveCoilName": "Head_32",
	"ReceiveCoilActiveElements": "HEA;HEP",
	"PulseSequenceDetails": "%SiemensSeq%\\tse",
	"RefLinesPE": 30,
	"ConsistencyInfo": "N4_VE11C_LATEST_20160120",
	"PercentPhaseFOV": 100,
	"PercentSampling": 100,
	"EchoTrainLength": 11,
	"PhaseEncodingSteps": 255,
	"AcquisitionMatrixPE": 256,
	"ReconMatrixPE": 256,
	"ParallelReductionFactorInPlane": 2,
	"PixelBandwidth": 180,
	"DwellTime": 1.08e-05,
	"PhaseEncodingDirection": "i",
	"SliceTiming": [
		0,
		0.15625,
		0.3125,
		0.46875,
		0.625,
		0.76562,
		0.92188,
		1.07812,
		1.23438,
		1.375,
		1.53125,
		1.6875,
		1.84375,
		2,
		2.14062,
		2.29688,
		2.45312,
		2.60938,
		2.75,
		2.90625,
		3.0625,
		3.21875,
		3.375,
		3.51562,
		3.67188,
		3.82812,
		3.98438,
		4.125,
		4.28125,
		4.4375,
		4.59375,
		4.75,
		4.89062,
		5.04688,
		5.20312,
		5.35938,
		5.5,
		5.65625,
		5.8125,
		5.96875,
		6.125,
		6.26562,
		6.42188,
		6.57812,
		6.73438,
		6.875,
		7.03125,
		7.1875,
		7.34375,
		7.5,
		7.64062,
		7.79688,
		7.95312,
		8.10938,
		8.25,
		8.40625,
		8.5625,
		8.71875,
		8.875,
		9.01562,
		9.17188,
		9.32812,
		9.48438,
		9.625,
		9.78125,
		9.9375,
		10.0938,
		10.25,
		10.3906,
		10.5469,
		10.7031,
		10.8594	],
	"ImageOrientationPatientDICOM": [
		0.999399,
		0.0345108,
		-0.00335476,
		-0.0335027,
		0.986052,
		0.163029	],
	"InPlanePhaseEncodingDirectionDICOM": "ROW",
	"ConversionSoftware": "dcm2niix",
	"ConversionSoftwareVersion": "v1.0.20201102"
}
