{
	"Modality": "MR",
	"MagneticFieldStrength": 3,
	"ImagingFrequency": 123.241,
	"Manufacturer": "Siemens",
	"ManufacturersModelName": "Prisma",
	"InstitutionName": "Tokyo University IRCN",
	"InstitutionalDepartmentName": "Reserch center",
	"InstitutionAddress": "Hongo 7-3-1,Bunkyo-ku,Tokyo,JP,113-0033",
	"DeviceSerialNumber": "166112",
	"StationName": "AWP166112",
	"BodyPartExamined": "BRAIN",
	"PatientPosition": "HFS",
	"ProcedureStepDescription": "Horikawa^vision",
	"SoftwareVersions": "syngo MR E11",
	"MRAcquisitionType": "2D",
	"SeriesDescription": "gre_field_mapping_2mm_72slices",
	"ProtocolName": "gre_field_mapping_2mm_72slices",
	"ScanningSequence": "GR",
	"SequenceVariant": "SP",
	"ScanOptions": "PFP",
	"SequenceName": "*fm2d2r",
	"ImageType": ["ORIGINAL", "PRIMARY", "M", "ND"],
	"SeriesNumber": 7,
	"AcquisitionTime": "16:47:54.625000",
	"AcquisitionNumber": 1,
	"SliceThickness": 2,
	"SpacingBetweenSlices": 2,
	"SAR": 0.201332,
	"EchoTime": 0.01,
	"RepetitionTime": 1.2,
	"FlipAngle": 90,
	"PartialFourier": 0.75,
	"BaseResolution": 96,
	"ShimSetting": [
		6491,
		-2330,
		1565,
		333,
		-7,
		-22,
		-73,
		2	],
	"TxRefAmp": 246.78,
	"PhaseResolution": 1,
	"ReceiveCoilName": "Head_32",
	"ReceiveCoilActiveElements": "HEA;HEP",
	"PulseSequenceDetails": "%SiemensSeq%\\gre_field_mapping",
	"ConsistencyInfo": "N4_VE11C_LATEST_20160120",
	"PercentPhaseFOV": 100,
	"PercentSampling": 100,
	"PhaseEncodingSteps": 72,
	"AcquisitionMatrixPE": 96,
	"ReconMatrixPE": 96,
	"PixelBandwidth": 290,
	"DwellTime": 1.79e-05,
	"PhaseEncodingDirection": "j-",
	"SliceTiming": [
		0.59375,
		0,
		0.60938,
		0.01562,
		0.625,
		0.03125,
		0.64062,
		0.04688,
		0.65625,
		0.0625,
		0.67188,
		0.07812,
		0.6875,
		0.09375,
		0.70312,
		0.10938,
		0.71875,
		0.125,
		0.75,
		0.14062,
		0.76562,
		0.15625,
		0.78125,
		0.17188,
		0.79688,
		0.1875,
		0.8125,
		0.20312,
		0.82812,
		0.21875,
		0.84375,
		0.25,
		0.85938,
		0.26562,
		0.875,
		0.28125,
		0.89062,
		0.29688,
		0.90625,
		0.3125,
		0.92188,
		0.32812,
		0.9375,
		0.34375,
		0.95312,
		0.35938,
		0.96875,
		0.375,
		0.98438,
		0.39062,
		1.01562,
		0.40625,
		1.03125,
		0.42188,
		1.04688,
		0.4375,
		1.0625,
		0.45312,
		1.07812,
		0.46875,
		1.09375,
		0.5,
		1.10938,
		0.51562,
		1.125,
		0.53125,
		1.14062,
		0.54688,
		1.15625,
		0.5625,
		1.17188,
		0.57812	],
	"ImageOrientationPatientDICOM": [
		0.998717,
		0.0484916,
		-0.0146256,
		-0.049719,
		0.993699,
		-0.100451	],
	"InPlanePhaseEncodingDirectionDICOM": "COL",
	"ConversionSoftware": "dcm2niix",
	"ConversionSoftwareVersion": "v1.0.20201102"
}
